GEM
  remote: http://rubygems.org/
  remote: http://rubygems.org/
  specs:
    chunky_png (1.2.5)
    compass (0.12.2)
      chunky_png (~> 1.2)
      fssm (>= 0.2.7)
      sass (~> 3.1)
    fssm (0.2.9)
    sass (3.2.0.alpha.261)
    susy (1.0.rc.2)
      compass (>= 0.12.2)
      sass (>= 3.2.0.alpha.247)

PLATFORMS
  ruby

DEPENDENCIES
  susy (~> 1.0.rc.2)
